GEM
  remote: https://rubygems.org/
  specs:
    coderay (1.1.2)
    domain_name (0.5.20170404)
      unf (>= 0.0.5, < 1.0.0)
    ffi (1.9.18)
    haml (5.0.1)
      temple (>= 0.8.0)
      tilt
    http-cookie (1.0.3)
      domain_name (~> 0.5)
    json (2.1.0)
    levenshtein (0.2.2)
    method_source (0.9.0)
    mime-types (3.1)
      mime-types-data (~> 3.2015)
    mime-types-data (3.2016.0521)
    mustermann (1.0.2)
    netrc (0.11.0)
    pry (0.11.2)
      coderay (~> 1.1.0)
      method_source (~> 0.9.0)
    rack (2.0.4)
    rack-protection (2.0.1)
      rack
    rack-ssl (1.4.1)
      rack
    rb-fsevent (0.10.2)
    rb-inotify (0.9.10)
      ffi (>= 0.5.0, < 2)
    rest-client (2.0.2)
      http-cookie (>= 1.0.2, < 2.0)
      mime-types (>= 1.16, < 4.0)
      netrc (~> 0.8)
    sass (3.5.3)
      sass-listen (~> 4.0.0)
    sass-listen (4.0.0)
      rb-fsevent (~> 0.9, >= 0.9.4)
      rb-inotify (~> 0.9, >= 0.9.7)
    sinatra (2.0.1)
      mustermann (~> 1.0)
      rack (~> 2.0)
      rack-protection (= 2.0.1)
      tilt (~> 2.0)
    temple (0.8.0)
    tilt (2.0.8)
    unf (0.1.4)
      unf_ext
    unf_ext (0.0.7.4)

PLATFORMS
  ruby

DEPENDENCIES
  haml
  json
  levenshtein
  pry
  rack
  rack-ssl
  rest-client
  sass
  sinatra

BUNDLED WITH
   1.14.6
